GEM
  remote: https://rubygems.org/
  specs:
    activesupport (7.0.4.3)
      concurrent-ruby (~> 1.0, >= 1.0.2)
      i18n (>= 1.6, < 2)
      minitest (>= 5.1)
      tzinfo (~> 2.0)
    axlsx_styler (1.0.0)
      activesupport (>= 3.1)
      caxlsx (>= 2.0.2)
    builder (3.2.4)
    caxlsx (3.0.1)
      htmlentities (~> 4.3, >= 4.3.4)
      mimemagic (~> 0.3)
      nokogiri (~> 1.10, >= 1.10.4)
      rubyzip (>= 1.3.0, < 3)
    concurrent-ruby (1.2.2)
    dry-inflector (0.2.0)
    faker (2.12.0)
      i18n (>= 1.6, < 2)
    htmlentities (4.3.4)
    i18n (1.12.0)
      concurrent-ruby (~> 1.0)
    mimemagic (0.3.5)
    mini_portile2 (2.4.0)
    minitest (5.18.0)
    nokogiri (1.10.9)
      mini_portile2 (~> 2.4.0)
    rodf (1.1.1)
      builder (>= 3.0)
      dry-inflector (~> 0.1)
      rubyzip (>= 1.0)
    rubyzip (2.3.0)
    spreadsheet_architect (4.0.0)
      axlsx_styler (>= 1.0.0, < 2)
      caxlsx (>= 2.0.2, < 4)
      rodf (>= 1.0.0, < 2)
    tzinfo (2.0.6)
      concurrent-ruby (~> 1.0)

PLATFORMS
  ruby

DEPENDENCIES
  faker
  spreadsheet_architect

BUNDLED WITH
   2.1.2
