GEM
  remote: https://rubygems.org/
  specs:
    activesupport (7.0.4)
      concurrent-ruby (~> 1.0, >= 1.0.2)
      i18n (>= 1.6, < 2)
      minitest (>= 5.1)
      tzinfo (~> 2.0)
    axlsx_styler (1.1.0)
      activesupport (>= 3.1)
      caxlsx (>= 2.0.2)
    builder (3.2.4)
    caxlsx (3.2.0)
      htmlentities (~> 4.3, >= 4.3.4)
      marcel (~> 1.0)
      nokogiri (~> 1.10, >= 1.10.4)
      rubyzip (>= 1.3.0, < 3)
    concurrent-ruby (1.1.6)
    faker (2.19.0)
      i18n (>= 1.6, < 2)
    htmlentities (4.3.4)
    i18n (1.8.3)
      concurrent-ruby (~> 1.0)
    marcel (1.0.2)
    mini_portile2 (2.8.0)
    minitest (5.16.3)
    nokogiri (1.13.9)
      mini_portile2 (~> 2.8.0)
      racc (~> 1.4)
    racc (1.6.0)
    rodf (1.2.0)
      builder (>= 3.0)
      rubyzip (>= 1.0)
    rubyzip (2.3.2)
    spreadsheet_architect (4.2.0)
      axlsx_styler (>= 1.0.0, < 2)
      caxlsx (>= 2.0.2, < 4)
      rodf (>= 1.0.0, < 2)
    tzinfo (2.0.5)
      concurrent-ruby (~> 1.0)

PLATFORMS
  ruby

DEPENDENCIES
  faker
  spreadsheet_architect

BUNDLED WITH
   2.1.2
